PATH
  remote: .
  specs:
    git-flattr (0.0.2)
      commander
      flattr
      launchy

GEM
  remote: http://rubygems.org/
  specs:
    addressable (2.2.8)
    commander (4.1.2)
      highline (~> 1.6.11)
    faraday (0.8.0)
      multipart-post (~> 1.1)
    flattr (0.3.5)
      faraday (~> 0.7)
      multi_json (~> 1.0)
    highline (1.6.11)
    launchy (2.1.0)
      addressable (~> 2.2.6)
    multi_json (1.3.4)
    multipart-post (1.1.5)

PLATFORMS
  ruby

DEPENDENCIES
  git-flattr!
